GEM
  remote: https://rubygems.org/
  specs:
    colorize (0.8.1)
    rake (13.0.0)
    rebase (1.1.0)
    ruby-debug-ide (0.7.0)
      rake (>= 0.8.1)

PLATFORMS
  ruby

DEPENDENCIES
  colorize
  rebase
  ruby-debug-ide

BUNDLED WITH
   2.0.2
